GIT
  remote: git://github.com/opal/opal-browser.git
  revision: de313513b497b9ce6f29b180e159eaae05718e05
  specs:
    opal-browser (0.1.0)
      opal (>= 0.4.3)

GIT
  remote: git://github.com/opal/opal-jquery.git
  revision: 02f8f172187885f6955564a44593e84e158ba7ff
  specs:
    opal-jquery (0.0.13)
      opal (>= 0.4.4)

GIT
  remote: git://github.com/opal/opal-sprockets.git
  revision: b2c61fc07405121b829418c5ca38d874dbbc26bf
  specs:
    opal-sprockets (0.2.0)
      opal (~> 0.4.4)
      sprockets

GIT
  remote: git://github.com/opal/opal.git
  revision: a847aed9b81111e1a7ace4e1930213bcc31e775b
  specs:
    opal (0.4.4)
      source_map

PATH
  remote: .
  specs:
    opal-irb (0.1.0)
      opal (~> 0.4.1)
      opal-jquery

GEM
  remote: https://rubygems.org/
  specs:
    coderay (1.0.9)
    ffi (1.9.0)
    formatador (0.2.4)
    guard (1.8.3)
      formatador (>= 0.2.4)
      listen (~> 1.3)
      lumberjack (>= 1.0.2)
      pry (>= 0.9.10)
      thor (>= 0.14.6)
    guard-process (1.0.6)
      guard (>= 0.4.2)
      spoon (~> 0.0.1)
    hike (1.2.3)
    json (1.8.0)
    listen (1.3.1)
      rb-fsevent (>= 0.9.3)
      rb-inotify (>= 0.9)
      rb-kqueue (>= 0.2)
    lumberjack (1.0.4)
    method_source (0.8.2)
    multi_json (1.8.0)
    opal-spec (0.3.1)
      opal (~> 0.4.4)
      opal-sprockets (~> 0.2.0)
    pry (0.9.12.2)
      coderay (~> 1.0.5)
      method_source (~> 0.8)
      slop (~> 3.4)
    rack (1.5.2)
    rake (10.1.0)
    rb-fsevent (0.9.3)
    rb-inotify (0.9.2)
      ffi (>= 0.5.0)
    rb-kqueue (0.2.0)
      ffi (>= 0.5.0)
    slop (3.4.6)
    source_map (3.0.1)
      json
    spoon (0.0.4)
      ffi
    sprockets (2.10.0)
      hike (~> 1.2)
      multi_json (~> 1.0)
      rack (~> 1.0)
      tilt (~> 1.1, != 1.3.0)
    terminal-notifier (1.5.1)
    thor (0.18.1)
    tilt (1.4.1)

PLATFORMS
  ruby

DEPENDENCIES
  guard
  guard-process
  opal!
  opal-browser!
  opal-irb!
  opal-jquery!
  opal-spec
  opal-sprockets!
  rake
  rb-fsevent
  terminal-notifier
