PATH
  remote: .
  specs:
    opal-irb (0.1.0)
      opal (~> 0.4.1)
      opal-jquery

GEM
  remote: https://rubygems.org/
  specs:
    coderay (1.0.9)
    ffi (1.0.11)
    formatador (0.2.4)
    guard (1.8.2)
      formatador (>= 0.2.4)
      listen (>= 1.0.0)
      lumberjack (>= 1.0.2)
      pry (>= 0.9.10)
      thor (>= 0.14.6)
    guard-process (1.0.5)
      ffi (~> 1.0.9)
      guard (>= 0.4.2)
      spoon (~> 0.0.1)
    hike (1.2.3)
    json (1.8.0)
    listen (1.2.2)
      rb-fsevent (>= 0.9.3)
      rb-inotify (>= 0.9)
      rb-kqueue (>= 0.2)
    lumberjack (1.0.4)
    method_source (0.8.2)
    multi_json (1.7.8)
    opal (0.4.3)
      source_map
    opal-jquery (0.0.12)
      opal (>= 0.4.3)
    opal-spec (0.3.0)
      opal (~> 0.4.3)
      opal-sprockets (~> 0.1.0)
    opal-sprockets (0.1.1)
      opal (~> 0.4.0)
      sprockets
    pry (0.9.12.2)
      coderay (~> 1.0.5)
      method_source (~> 0.8)
      slop (~> 3.4)
    rack (1.5.2)
    rake (10.1.0)
    rb-fsevent (0.9.3)
    rb-inotify (0.9.0)
      ffi (>= 0.5.0)
    rb-kqueue (0.2.0)
      ffi (>= 0.5.0)
    slop (3.4.6)
    source_map (3.0.1)
      json
    spoon (0.0.4)
      ffi
    sprockets (2.10.0)
      hike (~> 1.2)
      multi_json (~> 1.0)
      rack (~> 1.0)
      tilt (~> 1.1, != 1.3.0)
    terminal-notifier (1.4.2)
    thor (0.18.1)
    tilt (1.4.1)

PLATFORMS
  ruby

DEPENDENCIES
  guard
  guard-process
  opal (= 0.4.3)
  opal-irb!
  opal-jquery (= 0.0.12)
  opal-spec
  opal-sprockets (= 0.1.1)
  rake
  rb-fsevent
  terminal-notifier
